PATH
  remote: .
  specs:
    uri_template (0.7.0)

GEM
  remote: http://rubygems.org/
  specs:
    abstract_type (0.0.7)
    adamantium (0.2.0)
      ice_nine (~> 0.11.0)
      memoizable (~> 0.4.0)
    addressable (2.3.5)
    anima (0.2.0)
      abstract_type (~> 0.0.7)
      adamantium (~> 0.1)
      equalizer (~> 0.0.8)
    ast (1.1.0)
    atomic (1.1.16)
    colorize (0.7.0)
    concord (0.1.4)
      adamantium (~> 0.1)
      equalizer (~> 0.0.7)
    coveralls (0.7.0)
      multi_json (~> 1.3)
      rest-client
      simplecov (>= 0.7)
      term-ansicolor
      thor
    descendants_tracker (0.0.3)
    diff-lcs (1.2.5)
    docile (1.1.3)
    equalizer (0.0.9)
    escape_utils (1.0.1)
    hirb (0.7.1)
    ice_nine (0.11.0)
    inflecto (0.0.2)
    memoizable (0.4.1)
      thread_safe (~> 0.2.0)
    mime-types (2.2)
    morpher (0.2.0)
      abstract_type (~> 0.0.7)
      adamantium (~> 0.2.0)
      anima (~> 0.2.0)
      ast (~> 1.1.0)
      concord (~> 0.1.4)
      equalizer (~> 0.0.9)
      ice_nine (~> 0.11.0)
      procto (~> 0.0.2)
    multi_json (1.9.2)
    mutant (0.5.6)
      abstract_type (~> 0.0.7)
      adamantium (~> 0.2.0)
      anima (~> 0.2.0)
      concord (~> 0.1.4)
      descendants_tracker (~> 0.0.1)
      diff-lcs (~> 1.2)
      equalizer (~> 0.0.7)
      ice_nine (~> 0.11.0)
      inflecto (~> 0.0.2)
      morpher (~> 0.2.0)
      parser (~> 2.1)
      procto (~> 0.0.2)
      unparser (~> 0.1.8)
    parser (2.1.7)
      ast (~> 1.1)
      slop (~> 3.4, >= 3.4.5)
    procto (0.0.2)
    rake (10.1.1)
    redcarpet (3.1.1)
    rest-client (1.6.7)
      mime-types (>= 1.16)
    rspec (2.14.1)
      rspec-core (~> 2.14.0)
      rspec-expectations (~> 2.14.0)
      rspec-mocks (~> 2.14.0)
    rspec-core (2.14.8)
    rspec-expectations (2.14.5)
      diff-lcs (>= 1.1.3, < 2.0)
    rspec-mocks (2.14.6)
    simplecov (0.8.2)
      docile (~> 1.1.0)
      multi_json
      simplecov-html (~> 0.8.0)
    simplecov-console (0.1.3)
      colorize
      hirb
      simplecov
    simplecov-html (0.8.0)
    slop (3.5.0)
    term-ansicolor (1.3.0)
      tins (~> 1.0)
    thor (0.18.1)
    thread_safe (0.2.0)
      atomic (>= 1.1.7, < 2)
    tins (1.0.1)
    unparser (0.1.9)
      abstract_type (~> 0.0.7)
      adamantium (~> 0.1)
      concord (~> 0.1.4)
      equalizer (~> 0.0.7)
      parser (~> 2.1.0)
      procto (~> 0.0.2)
    yard (0.9.25)

PLATFORMS
  java
  ruby

DEPENDENCIES
  addressable
  bundler
  coveralls
  escape_utils
  multi_json
  mutant
  rake
  redcarpet
  rspec
  simplecov-console
  uri_template!
  yard

BUNDLED WITH
   2.1.4
